GEM
  remote: https://rubygems.org/
  specs:
    review (2.3.0)
      rouge
      rubyzip
    review-peg (0.2.2)
    rouge (3.9.0)
    rubyzip (1.2.3)
    sass (3.4.25)

PLATFORMS
  ruby

DEPENDENCIES
  review (= 2.3.0)
  review-peg (= 0.2.2)
  sass (= 3.4.25)

BUNDLED WITH
   2.0.2
